PATH
  remote: .
  specs:
    bitters (0.9.0.beta.2)
      bourbon (>= 3.1)
      sass (>= 3.2)
      thor

GEM
  remote: https://rubygems.org/
  specs:
    bourbon (3.1.8)
      sass (>= 3.2.0)
      thor
    rake (10.1.0)
    sass (3.2.10)
    thor (0.18.1)

PLATFORMS
  ruby

DEPENDENCIES
  bitters!
  bundler (~> 1.3)
  rake
